GEM
  remote: https://rubygems.org/
  specs:
    minitest (5.0.6)
    pg (0.16.0)
    pg_typecast (0.1.3)
      pg (>= 0.9.0)
    rake (10.1.0)

PLATFORMS
  ruby

DEPENDENCIES
  minitest
  pg
  pg_typecast
  rake
